GIT
  remote: https://github.com/ulutu/yapper
  revision: 53f83cb479764cd32b5508c3483227a75125a754
  specs:
    yapper (0.0.1)
      motion-cocoapods (~> 1.4.0)
      motion-logger
      motion-support (~> 0.2.4)

GEM
  remote: https://rubygems.org/
  remote: http://gems.github.com/
  specs:
    activesupport (3.2.16)
      i18n (~> 0.6, >= 0.6.4)
      multi_json (~> 1.0)
    claide (0.4.0)
    cocoapods (0.29.0)
      activesupport (>= 3.2.15, < 4)
      claide (~> 0.4.0)
      cocoapods-core (= 0.29.0)
      cocoapods-downloader (~> 0.3.0)
      cocoapods-try-release-fix (~> 0.1.1)
      colored (~> 1.2)
      escape (~> 0.0.4)
      json_pure (~> 1.8)
      nap (~> 0.5)
      open4 (~> 1.3)
      xcodeproj (~> 0.14.1)
    cocoapods-core (0.29.0)
      activesupport (>= 3.2.15, < 4)
      fuzzy_match (~> 2.0.4)
      json_pure (~> 1.8)
      nap (~> 0.5)
    cocoapods-downloader (0.3.0)
    cocoapods-try-release-fix (0.1.1)
    colored (1.2)
    escape (0.0.4)
    fuzzy_match (2.0.4)
    i18n (0.6.9)
    json_pure (1.8.1)
    motion-cocoapods (1.4.0)
      cocoapods (>= 0.26.2)
    motion-logger (0.1.3)
      motion-cocoapods (>= 1.1.0)
    motion-require (0.0.7)
    motion-support (0.2.6)
      motion-require (>= 0.0.6)
    multi_json (1.8.4)
    nap (0.6.0)
    open4 (1.3.0)
    rake (10.1.1)
    xcodeproj (0.14.1)
      activesupport (~> 3.0)
      colored (~> 1.2)
      rake

PLATFORMS
  ruby

DEPENDENCIES
  cocoapods
  motion-cocoapods
  rake
  yapper!
